GIT
  remote: git@github.com:infochimps-platform/configliere.git
  revision: c2e896b76b964573f9bdf7d3967e4c86c9b1efb8
  branch: 0.4.23
  specs:
    configliere (0.4.23)
      highline (= 1.5.2)
      multi_json (~> 1.10.1)

PATH
  remote: .
  specs:
    weavr (0.1.7)
      activesupport (~> 4.1.4)
      faraday (~> 0.9.0)
      faraday_middleware (~> 0.9.1)
      gorillib-model (~> 0.0.3)
      multi_json (~> 1.10.1)
      pry (~> 0.10.1)

GEM
  remote: https://rubygems.org/
  specs:
    activesupport (4.1.12)
      i18n (~> 0.6, >= 0.6.9)
      json (~> 1.7, >= 1.7.7)
      minitest (~> 5.1)
      thread_safe (~> 0.1)
      tzinfo (~> 1.1)
    addressable (2.3.8)
    ast (2.0.0)
    astrolabe (1.3.0)
      parser (>= 2.2.0.pre.3, < 3.0)
    coderay (1.1.0)
    diff-lcs (1.2.5)
    docile (1.1.5)
    faraday (0.9.1)
      multipart-post (>= 1.2, < 3)
    faraday_middleware (0.9.1)
      faraday (>= 0.7.4, < 0.10)
    gorillib-model (0.0.3)
      activesupport (~> 4.1.4)
      addressable (~> 2.3.6)
      multi_json (~> 1.10.1)
    highline (1.5.2)
    i18n (0.7.0)
    json (1.8.3)
    method_source (0.8.2)
    minitest (5.7.0)
    multi_json (1.10.1)
    multipart-post (2.0.0)
    parser (2.3.0.pre.2)
      ast (>= 1.1, < 3.0)
    powerpack (0.0.9)
    pry (0.10.1)
      coderay (~> 1.1.0)
      method_source (~> 0.8.1)
      slop (~> 3.4)
    rainbow (2.0.0)
    rake (10.3.2)
    rspec (2.14.1)
      rspec-core (~> 2.14.0)
      rspec-expectations (~> 2.14.0)
      rspec-mocks (~> 2.14.0)
    rspec-core (2.14.8)
    rspec-expectations (2.14.5)
      diff-lcs (>= 1.1.3, < 2.0)
    rspec-mocks (2.14.6)
    rubocop (0.26.1)
      astrolabe (~> 1.3)
      parser (>= 2.2.0.pre.4, < 3.0)
      powerpack (~> 0.0.6)
      rainbow (>= 1.99.1, < 3.0)
      ruby-progressbar (~> 1.4)
    ruby-progressbar (1.7.5)
    simplecov (0.8.2)
      docile (~> 1.1.0)
      multi_json
      simplecov-html (~> 0.8.0)
    simplecov-html (0.8.0)
    slop (3.6.0)
    thread_safe (0.3.5)
    tzinfo (1.2.2)
      thread_safe (~> 0.1)

PLATFORMS
  ruby

DEPENDENCIES
  bundler (~> 1.7.0)
  configliere!
  rake (~> 10.3.2)
  rspec (~> 2.14.0)
  rubocop (~> 0.26.1)
  simplecov (~> 0.8.2)
  weavr!
